GEM
  remote: https://rubygems.org/
  specs:
    kgio (2.10.0)
    minitest (5.8.4)
    rack (1.6.4)
    rack-protection (1.5.3)
      rack
    rack-test (0.6.3)
      rack (>= 1.0)
    raindrops (0.16.0)
    rake (10.5.0)
    sinatra (1.4.7)
      rack (~> 1.5)
      rack-protection (~> 1.4)
      tilt (>= 1.3, < 3)
    tilt (2.0.2)
    unicorn (5.1.0)
      kgio (~> 2.6)
      raindrops (~> 0.7)

PLATFORMS
  ruby

DEPENDENCIES
  minitest (~> 5.2)
  rack-test (~> 0.6)
  rake (~> 10.0)
  sinatra (~> 1.4)
  unicorn

BUNDLED WITH
   1.11.2
